PATH
  remote: .
  specs:
    capistrano-pm2 (0.0.0)

GEM
  remote: https://rubygems.org/
  specs:
    rake (10.5.0)

PLATFORMS
  ruby

DEPENDENCIES
  bundler (~> 1.11)
  capistrano-pm2!
  rake (~> 10.0)

BUNDLED WITH
   1.11.2
